{
	"TaskName": "task-SPESclin",
	"SamplingFrequency": 2048,
	"PowerLineFrequency": 50,
	"SoftwareFilters": "n\/a",
	"DCOffsetCorrection": "n\/a",
	"HardwareFilters": {
		"HighpassFilter": {
			"CutoffFrequency": 0.15
		},
		"LowpassFilter": {
			"CutoffFrequency": 468
		}
	},
	"Manufacturer": "Micromed",
	"ManufacturersModelName": "LTM128 Express",
	"TaskDescription": "No task, electrical stimulation is performed. Patient is resting with eyes open\/closed. The latter is not always specified.",
	"Instructions": "No instruction is given",
	"InstitutionName": "University Medical Center Utrecht, Division Brain, Clinical Neurophysiology Department",
	"InstitutionAddress": "Heidelberglaan 100, 3584 CX Utrecht",
	"DeviceSerialNumber": "n\/a",
	"ECOGChannelCount": 0,
	"SEEGChannelCount": 121,
	"EEGChannelCount": 0,
	"EOGChannelCount": 0,
	"ECGChannelCount": 1,
	"EMGChannelCount": 0,
	"MiscChannelCount": 0,
	"TriggerChannelCount": 2,
	"RecordingDuration": 2556.15625,
	"RecordingType": "continuous",
	"EpochLength": 0,
	"SubjectArtefactDescription": "artefacts are annotated manually when patient moves (which gives artefacts in all electrodes), or when an electrode is malfunctioning for a short period of time",
	"SoftwareVersions": "4",
	"iEEGReference": "probably mastoid",
	"ElectrodeManufacturer": "AdTech",
	"ElectrodeManufacturersModelName": "n\/a",
	"iEEGGround": "top of forehead or mastoid",
	"iEEGPlacementScheme": "left",
	"iEEGElectrodeGroups": "seeg;ACL[1x12];GRL[1x12];IFL[1x10];PEL[1x8];CL[1x8];FOL[1x12];TAL[1x5];OL[1x10];MFL[1x8];MCL[1x10];MML[1x8];VR[1x8];PR[1x10];",
	"ElectricalStimulation": true,
	"ElectricalStimulationParameters": "See for more detail the events.tsv"
}
